GEM
  remote: https://www.rubygems.org/
  specs:
    diff-lcs (1.2.3)
    github-markdown (0.5.3)
    github-markup (0.7.5)
    gollum (2.4.13)
      gollum-lib (~> 1.0.0)
      mustache (>= 0.99.4, < 1.0.0)
      sinatra (~> 1.4.2)
      useragent (~> 0.4.16)
    gollum-lib (1.0.0)
      github-markdown (~> 0.5.3)
      github-markup (>= 0.7.5, < 1.0.0)
      grit (~> 2.5.0)
      nokogiri (~> 1.5.9)
      pygments.rb (~> 0.4.2)
      sanitize (~> 2.0.3)
      stringex (~> 1.5.1)
    grit (2.5.0)
      diff-lcs (~> 1.1)
      mime-types (~> 1.15)
      posix-spawn (~> 0.3.6)
    mime-types (1.22)
    mustache (0.99.4)
    nokogiri (1.5.9)
    posix-spawn (0.3.6)
    pygments.rb (0.4.2)
      posix-spawn (~> 0.3.6)
      yajl-ruby (~> 1.1.0)
    rack (1.5.2)
    rack-protection (1.5.0)
      rack
    sanitize (2.0.3)
      nokogiri (>= 1.4.4, < 1.6)
      nokogiri (>= 1.4.4, < 1.6)
    sinatra (1.4.2)
      rack (~> 1.5, >= 1.5.2)
      rack-protection (~> 1.4)
      tilt (~> 1.3, >= 1.3.4)
    stringex (1.5.1)
    tilt (1.3.7)
    useragent (0.4.16)
    yajl-ruby (1.1.0)

PLATFORMS
  ruby

DEPENDENCIES
  gollum
